NUGET
  remote: https://www.nuget.org/api/v2
    Deedle (1.2.5) - framework: >= net461
    Deedle.RPlugin (1.2.5) - framework: >= net461
      Deedle (>= 1.2.5)
      R.NET.Community (>= 1.6.4)
      R.NET.Community.FSharp (>= 1.6.4)
      RProvider (>= 1.1.13)
    DynamicInterop (0.7.4) - framework: >= net461
    FSharp.Core (4.0.0.1) - framework: >= net40
    FSharp.Data (2.3.2) - framework: >= net461
    FsUnit (2.3.2) - framework: >= net461
      FSharp.Core (>= 3.1.2.5)
      NUnit (3.5)
    Google.DataTable.Net.Wrapper (3.1.2) - framework: >= net461
    Http.fs (0.8) - framework: >= net461
    MathNet.Numerics (3.13.1) - framework: >= net40
    MathNet.Numerics.Data.Matlab (3.2) - framework: >= net461
      MathNet.Numerics (>= 3.0)
    MathNet.Numerics.Data.Text (3.2) - framework: >= net461
      MathNet.Numerics (>= 3.0)
    MathNet.Numerics.FSharp (3.13.1) - framework: >= net40
      FSharp.Core (>= 3.1.2.5)
      MathNet.Numerics (3.13.1)
    MathNet.Numerics.MKL.Win (2.2) - framework: >= net461
    MathNet.Numerics.MKL.Win-x64 (2.2) - framework: >= net461
    Newtonsoft.Json (9.0.1) - framework: >= net461
    NUnit (3.5) - framework: >= net461
    NUnit3TestAdapter (3.4.1) - framework: >= net461
    R.NET.Community (1.6.5) - framework: >= net461
      DynamicInterop (0.7.4)
    R.NET.Community.FSharp (1.6.5) - framework: >= net461
      R.NET.Community (>= 1.6.5)
    RProvider (1.1.20) - framework: >= net461
      DynamicInterop (0.7.4)
      R.NET.Community (1.6.5)
      R.NET.Community.FSharp (1.6.5)
    XPlot.GoogleCharts (1.4.2) - framework: >= net461
      Google.DataTable.Net.Wrapper (3.1.2)
      Newtonsoft.Json (9.0.1)
    XPlot.GoogleCharts.Deedle (1.4.2) - framework: >= net461
      Deedle (1.2.5)
      XPlot.GoogleCharts (1.4.2)
    XPlot.Plotly (1.4.2) - framework: >= net461
      Newtonsoft.Json (9.0.1)
